GEM
  remote: https://rubygems.org/
  specs:
    csv (3.3.2)
    date (3.4.1)
    json (2.9.1)
    nokogiri (1.17.2-aarch64-linux)
      racc (~> 1.4)
    nokogiri (1.17.2-arm-linux)
      racc (~> 1.4)
    nokogiri (1.17.2-arm64-darwin)
      racc (~> 1.4)
    nokogiri (1.17.2-x86-linux)
      racc (~> 1.4)
    nokogiri (1.17.2-x86_64-darwin)
      racc (~> 1.4)
    nokogiri (1.17.2-x86_64-linux)
      racc (~> 1.4)
    open-uri (0.5.0)
      stringio
      time
      uri
    racc (1.8.1)
    stringio (3.1.2)
    time (0.4.1)
      date
    uri (1.0.2)

PLATFORMS
  aarch64-linux
  arm-linux
  arm64-darwin
  x86-linux
  x86_64-darwin
  x86_64-linux

DEPENDENCIES
  csv
  json
  nokogiri
  open-uri

BUNDLED WITH
   2.5.3
